GEM
  remote: https://rubygems.org/
  specs:
  sinatra (1.4.6)
  rack (~> 1.4)
      rack-protection (~> 1.4)
      tilt (>= 1.3, < 3)

PLATFORMS
  ruby

DEPENDENCIES

RUBY VERSION
   ruby 2.2.2p95

BUNDLED WITH
   1.16.2
